GEM
  remote: https://rubygems.org/
  specs:
    ast (2.4.0)
    jquery (0.0.1)
    opal (1.0.3)
      ast (>= 2.3.0)
      parser (~> 2.6)
    opal-jquery (0.4.4)
      opal (>= 0.10.0, < 1.1)
    parser (2.7.1.2)
      ast (~> 2.4.0)
    rack (2.2.6.4)

PLATFORMS
  ruby

DEPENDENCIES
  jquery
  opal
  opal-jquery
  rack

BUNDLED WITH
   2.1.2
